GEM
  remote: http://rubygems.org/
  specs:
    builder (3.0.0)
    cucumber (1.1.2)
      builder (>= 2.1.2)
      diff-lcs (>= 1.1.2)
      gherkin (~> 2.6.2)
      json (>= 1.4.6)
      term-ansicolor (>= 1.0.6)
    diff-lcs (1.1.3)
    gherkin (2.6.6)
      json (>= 1.4.6)
    git (1.2.5)
    grit (2.4.1)
      diff-lcs (~> 1.1)
      mime-types (~> 1.15)
    jeweler (1.6.4)
      bundler (~> 1.0)
      git (>= 1.2.5)
      rake
    json (1.6.1)
    mime-types (1.17.2)
    rake (0.9.2.2)
    rcov (0.9.11)
    rspec (2.7.0)
      rspec-core (~> 2.7.0)
      rspec-expectations (~> 2.7.0)
      rspec-mocks (~> 2.7.0)
    rspec-core (2.7.1)
    rspec-expectations (2.7.0)
      diff-lcs (~> 1.1.2)
    rspec-mocks (2.7.0)
    term-ansicolor (1.0.7)

PLATFORMS
  ruby

DEPENDENCIES
  bundler
  cucumber
  grit
  jeweler
  rcov
  rspec
